GEM
  remote: https://rubygems.org/
  specs:
    faraday (0.9.2)
      multipart-post (>= 1.2, < 3)
    faraday_middleware (0.10.0)
      faraday (>= 0.7.4, < 0.10)
    hashie (3.4.3)
    multi_json (1.11.2)
    multipart-post (2.0.0)
    pocket-ruby (0.0.6)
      faraday (>= 0.7)
      faraday_middleware (~> 0.9)
      hashie (>= 0.4.0)
      multi_json (~> 1.0, >= 1.0.3)

PLATFORMS
  ruby

DEPENDENCIES
  pocket-ruby
